GEM
  remote: https://rubygems.org/
  specs:
    addressable (2.8.7)
      public_suffix (>= 2.0.2, < 7.0)
    base64 (0.2.0)
    bigdecimal (3.1.9)
    colorator (1.1.0)
    concurrent-ruby (1.3.5)
    cssminify2 (2.0.1)
    declarative (0.0.20)
    dotenv (3.1.8)
    em-websocket (0.5.3)
      eventmachine (>= 0.12.9)
      http_parser.rb (~> 0)
    eventmachine (1.2.7)
    execjs (2.10.0)
    faraday (2.13.1)
      faraday-net_http (>= 2.0, < 3.5)
      json
      logger
    faraday-net_http (3.4.0)
      net-http (>= 0.5.0)
    fastimage (1.8.1)
      addressable (~> 2.3, >= 2.3.5)
    ffi (1.17.2)
    ffi (1.17.2-aarch64-linux-gnu)
    ffi (1.17.2-aarch64-linux-musl)
    ffi (1.17.2-arm-linux-gnu)
    ffi (1.17.2-arm-linux-musl)
    ffi (1.17.2-arm64-darwin)
    ffi (1.17.2-x86-linux-gnu)
    ffi (1.17.2-x86-linux-musl)
    ffi (1.17.2-x86_64-darwin)
    ffi (1.17.2-x86_64-linux-gnu)
    ffi (1.17.2-x86_64-linux-musl)
    forwardable-extended (2.6.0)
    google-apis-core (0.17.0)
      addressable (~> 2.5, >= 2.5.1)
      googleauth (~> 1.9)
      httpclient (>= 2.8.3, < 3.a)
      mini_mime (~> 1.0)
      mutex_m
      representable (~> 3.0)
      retriable (>= 2.0, < 4.a)
    google-apis-sheets_v4 (0.41.0)
      google-apis-core (>= 0.15.0, < 2.a)
    google-cloud-env (2.3.0)
      base64 (~> 0.2)
      faraday (>= 1.0, < 3.a)
    google-logging-utils (0.2.0)
    google-protobuf (4.30.2)
      bigdecimal
      rake (>= 13)
    google-protobuf (4.30.2-aarch64-linux)
      bigdecimal
      rake (>= 13)
    google-protobuf (4.30.2-arm64-darwin)
      bigdecimal
      rake (>= 13)
    google-protobuf (4.30.2-x86-linux)
      bigdecimal
      rake (>= 13)
    google-protobuf (4.30.2-x86_64-darwin)
      bigdecimal
      rake (>= 13)
    google-protobuf (4.30.2-x86_64-linux)
      bigdecimal
      rake (>= 13)
    googleauth (1.14.0)
      faraday (>= 1.0, < 3.a)
      google-cloud-env (~> 2.2)
      google-logging-utils (~> 0.1)
      jwt (>= 1.4, < 3.0)
      multi_json (~> 1.11)
      os (>= 0.9, < 2.0)
      signet (>= 0.16, < 2.a)
    hike (1.2.3)
    htmlcompressor (0.4.0)
    http_parser.rb (0.8.0)
    httpclient (2.9.0)
      mutex_m
    i18n (1.14.7)
      concurrent-ruby (~> 1.0)
    jekyll (4.3.4)
      addressable (~> 2.4)
      colorator (~> 1.0)
      em-websocket (~> 0.5)
      i18n (~> 1.0)
      jekyll-sass-converter (>= 2.0, < 4.0)
      jekyll-watch (~> 2.0)
      kramdown (~> 2.3, >= 2.3.1)
      kramdown-parser-gfm (~> 1.0)
      liquid (~> 4.0)
      mercenary (>= 0.3.6, < 0.5)
      pathutil (~> 0.9)
      rouge (>= 3.0, < 5.0)
      safe_yaml (~> 1.0)
      terminal-table (>= 1.8, < 4.0)
      webrick (~> 1.7)
    jekyll-assets (1.0.0)
      fastimage (~> 1.6)
      jekyll (>= 2)
      mini_magick (~> 4.1)
      sass (~> 3.2)
      sprockets (~> 2.10)
      sprockets-helpers
      sprockets-sass
    jekyll-minifier (0.1.10)
      cssminify2 (~> 2.0)
      htmlcompressor (~> 0.4)
      jekyll (>= 3.5)
      json-minify (~> 0.0.3)
      uglifier (~> 4.1)
    jekyll-sass-converter (3.1.0)
      sass-embedded (~> 1.75)
    jekyll-sitemap (1.4.0)
      jekyll (>= 3.7, < 5.0)
    jekyll-watch (2.2.1)
      listen (~> 3.0)
    json (2.11.3)
    json-minify (0.0.3)
      json (> 0)
    jwt (2.10.1)
      base64
    kramdown (2.5.1)
      rexml (>= 3.3.9)
    kramdown-parser-gfm (1.1.0)
      kramdown (~> 2.0)
    liquid (4.0.4)
    listen (3.9.0)
      rb-fsevent (~> 0.10, >= 0.10.3)
      rb-inotify (~> 0.9, >= 0.9.10)
    logger (1.7.0)
    mercenary (0.4.0)
    mini_magick (4.13.2)
    mini_mime (1.1.5)
    multi_json (1.15.0)
    mutex_m (0.3.0)
    net-http (0.6.0)
      uri
    os (1.1.4)
    pathutil (0.16.2)
      forwardable-extended (~> 2.6)
    public_suffix (6.0.2)
    rack (1.6.13)
    rake (13.2.1)
    rb-fsevent (0.11.2)
    rb-inotify (0.11.1)
      ffi (~> 1.0)
    representable (3.2.0)
      declarative (< 0.1.0)
      trailblazer-option (>= 0.1.1, < 0.2.0)
      uber (< 0.2.0)
    retriable (3.1.2)
    rexml (3.4.1)
    rouge (4.5.2)
    safe_yaml (1.0.5)
    sass (3.7.4)
      sass-listen (~> 4.0.0)
    sass-embedded (1.87.0)
      google-protobuf (~> 4.30)
      rake (>= 13)
    sass-embedded (1.87.0-aarch64-linux-android)
      google-protobuf (~> 4.30)
    sass-embedded (1.87.0-aarch64-linux-gnu)
      google-protobuf (~> 4.30)
    sass-embedded (1.87.0-aarch64-linux-musl)
      google-protobuf (~> 4.30)
    sass-embedded (1.87.0-arm-linux-androideabi)
      google-protobuf (~> 4.30)
    sass-embedded (1.87.0-arm-linux-gnueabihf)
      google-protobuf (~> 4.30)
    sass-embedded (1.87.0-arm-linux-musleabihf)
      google-protobuf (~> 4.30)
    sass-embedded (1.87.0-arm64-darwin)
      google-protobuf (~> 4.30)
    sass-embedded (1.87.0-riscv64-linux-android)
      google-protobuf (~> 4.30)
    sass-embedded (1.87.0-riscv64-linux-gnu)
      google-protobuf (~> 4.30)
    sass-embedded (1.87.0-riscv64-linux-musl)
      google-protobuf (~> 4.30)
    sass-embedded (1.87.0-x86_64-darwin)
      google-protobuf (~> 4.30)
    sass-embedded (1.87.0-x86_64-linux-android)
      google-protobuf (~> 4.30)
    sass-embedded (1.87.0-x86_64-linux-gnu)
      google-protobuf (~> 4.30)
    sass-embedded (1.87.0-x86_64-linux-musl)
      google-protobuf (~> 4.30)
    sass-listen (4.0.0)
      rb-fsevent (~> 0.9, >= 0.9.4)
      rb-inotify (~> 0.9, >= 0.9.7)
    sassc (2.4.0)
      ffi (~> 1.9)
    signet (0.20.0)
      addressable (~> 2.8)
      faraday (>= 0.17.5, < 3.a)
      jwt (>= 1.5, < 3.0)
      multi_json (~> 1.10)
    sprockets (2.12.5)
      hike (~> 1.2)
      multi_json (~> 1.0)
      rack (~> 1.0)
      tilt (~> 1.1, != 1.3.0)
    sprockets-helpers (1.4.0)
      sprockets (>= 2.2)
    sprockets-sass (1.3.1)
      sprockets (~> 2.0)
      tilt (~> 1.1)
    terminal-table (3.0.2)
      unicode-display_width (>= 1.1.1, < 3)
    tilt (1.4.1)
    trailblazer-option (0.1.2)
    uber (0.1.0)
    uglifier (4.2.1)
      execjs (>= 0.3.0, < 3)
    unicode-display_width (2.6.0)
    uri (1.0.3)
    webrick (1.9.1)

PLATFORMS
  aarch64-linux
  aarch64-linux-android
  aarch64-linux-gnu
  aarch64-linux-musl
  arm-linux-androideabi
  arm-linux-gnu
  arm-linux-gnueabihf
  arm-linux-musl
  arm-linux-musleabihf
  arm64-darwin
  riscv64-linux-android
  riscv64-linux-gnu
  riscv64-linux-musl
  ruby
  x86-linux
  x86-linux-gnu
  x86-linux-musl
  x86_64-darwin
  x86_64-linux-android
  x86_64-linux-gnu
  x86_64-linux-musl

DEPENDENCIES
  dotenv (~> 3.1)
  execjs
  google-apis-sheets_v4 (~> 0.11)
  googleauth (~> 1.14)
  jekyll (= 4.3.4)
  jekyll-assets
  jekyll-minifier
  jekyll-sitemap
  sassc
  sprockets
  uglifier

BUNDLED WITH
   2.6.5
